GEM
  remote: https://rubygems.org/
  specs:
    dropbox-sdk (1.6.5)
      json
    json (1.8.3)
    open_uri_redirections (0.2.1)
    rack (1.6.4)
    rack-protection (1.5.3)
      rack
    readlists-anonymous (0.0.1)
    sinatra (1.4.6)
      rack (~> 1.4)
      rack-protection (~> 1.4)
      tilt (>= 1.3, < 3)
    tilt (2.0.1)

PLATFORMS
  ruby

DEPENDENCIES
  dropbox-sdk
  open_uri_redirections
  readlists-anonymous
  sinatra

BUNDLED WITH
   1.10.5
